GIT
  remote: git://github.com/igorbonadio/gritano-core.git
  revision: 135c646eb4e1b66ec38fa7578c471c44ee6bd851
  specs:
    gritano-core (1.1.0)
      activerecord (~> 4.0.0.rc1)
      grit (~> 2.5.0)

GEM
  remote: http://rubygems.org/
  specs:
    activemodel (4.0.0.rc1)
      activesupport (= 4.0.0.rc1)
      builder (~> 3.1.0)
    activerecord (4.0.0.rc1)
      activemodel (= 4.0.0.rc1)
      activerecord-deprecated_finders (~> 1.0.2)
      activesupport (= 4.0.0.rc1)
      arel (~> 4.0.0)
    activerecord-deprecated_finders (1.0.2)
    activesupport (4.0.0.rc1)
      i18n (~> 0.6, >= 0.6.4)
      minitest (~> 4.2)
      multi_json (~> 1.3)
      thread_safe (~> 0.1)
      tzinfo (~> 0.3.37)
    arel (4.0.0)
    atomic (1.1.9)
    builder (3.1.4)
    diff-lcs (1.2.4)
    git (1.2.5)
    grit (2.5.0)
      diff-lcs (~> 1.1)
      mime-types (~> 1.15)
      posix-spawn (~> 0.3.6)
    i18n (0.6.4)
    jeweler (1.8.4)
      bundler (~> 1.0)
      git (>= 1.2.5)
      rake
      rdoc
    json (1.8.0)
    mime-types (1.23)
    minitest (4.7.4)
    multi_json (1.7.6)
    posix-spawn (0.3.6)
    rake (10.0.4)
    rdoc (4.0.1)
      json (~> 1.4)
    rspec (2.13.0)
      rspec-core (~> 2.13.0)
      rspec-expectations (~> 2.13.0)
      rspec-mocks (~> 2.13.0)
    rspec-core (2.13.1)
    rspec-expectations (2.13.0)
      diff-lcs (>= 1.1.3, < 2.0)
    rspec-mocks (2.13.1)
    simplecov (0.7.1)
      multi_json (~> 1.0)
      simplecov-html (~> 0.7.1)
    simplecov-html (0.7.1)
    terminal-table (1.4.5)
    thor (0.18.1)
    thread_safe (0.1.0)
      atomic
    tzinfo (0.3.37)

PLATFORMS
  ruby

DEPENDENCIES
  gritano-core!
  jeweler (~> 1.8.4)
  rdoc (~> 4.0.0)
  rspec (~> 2.13.0)
  simplecov (~> 0.7.0)
  terminal-table (~> 1.4.5)
  thor (~> 0.18.1)
